GIT
  remote: git://github.com/imbriaco/net-ssh
  revision: 9b80fd31762ab99fd5ff9fe3262f0665a040e2c9
  specs:
    net-ssh (2.1.4)

GEM
  remote: http://rubygems.org/
  specs:
    daemons (1.1.4)
    eventmachine (0.12.10)
    rack (1.3.2)
    redis (2.2.2)
    sinatra (1.2.6)
      rack (~> 1.1)
      tilt (>= 1.2.2, < 2.0)
    thin (1.2.11)
      daemons (>= 1.0.9)
      eventmachine (>= 0.12.6)
      rack (>= 1.0.0)
    tilt (1.3.2)

PLATFORMS
  ruby

DEPENDENCIES
  net-ssh!
  redis
  sinatra
  thin
